GEM
  remote: http://rubygems.org/
  specs:
    adsf (1.2.0)
      rack (>= 1.0.0)
    foreman (0.78.0)
      thor (~> 0.19.1)
    rack (1.6.4)
    sass (3.4.16)
    thor (0.19.1)

PLATFORMS
  ruby

DEPENDENCIES
  adsf (~> 1.2.0)
  foreman (~> 0.78.0)
  sass (~> 3.4.16)
